GEM
  remote: https://rubygems.org/
  specs:
    diff-lcs (1.2.5)
    dotenv (2.1.0)
    foreman (0.78.0)
      thor (~> 0.19.1)
    kgio (2.10.0)
    mail (2.6.3)
      mime-types (>= 1.16, < 3)
    mime-types (2.99.1)
    pony (1.11)
      mail (>= 2.0)
    rack (1.6.4)
    rack-protection (1.5.3)
      rack
    rack-test (0.6.3)
      rack (>= 1.0)
    raindrops (0.15.0)
    rspec (3.4.0)
      rspec-core (~> 3.4.0)
      rspec-expectations (~> 3.4.0)
      rspec-mocks (~> 3.4.0)
    rspec-core (3.4.3)
      rspec-support (~> 3.4.0)
    rspec-expectations (3.4.0)
      diff-lcs (>= 1.2.0, < 2.0)
      rspec-support (~> 3.4.0)
    rspec-mocks (3.4.1)
      diff-lcs (>= 1.2.0, < 2.0)
      rspec-support (~> 3.4.0)
    rspec-support (3.4.1)
    sinatra (1.4.7)
      rack (~> 1.5)
      rack-protection (~> 1.4)
      tilt (>= 1.3, < 3)
    thor (0.19.1)
    tilt (2.0.2)
    unicorn (5.0.1)
      kgio (~> 2.6)
      rack
      raindrops (~> 0.7)

PLATFORMS
  ruby

DEPENDENCIES
  dotenv
  foreman
  pony
  rack-test
  rspec
  sinatra
  unicorn

BUNDLED WITH
   1.11.2
